GEM
  remote: https://rubygems.org/
  specs:
    plist (3.1.0)

PLATFORMS
  ruby

DEPENDENCIES
  plist (~> 3.1)

BUNDLED WITH
   1.10.5
