GEM
  remote: https://rubygems.org/
  specs:
    CFPropertyList (2.3.1)

PLATFORMS
  ruby

DEPENDENCIES
  CFPropertyList

BUNDLED WITH
   1.10.5
